GEM
  remote: http://rubygems.org/
  specs:
    milight-easybulb (1.0.0)

PLATFORMS
  ruby

DEPENDENCIES
  milight-easybulb

BUNDLED WITH
   1.11.2
